PATH
  remote: .
  specs:
    moysklad_integration (0.1.1)
      activesupport (~> 6.0, >= 6.0.3.1)
      addressable (~> 2.7)
      faraday (~> 1.0, >= 1.0.1)
      log4r (~> 1.1, >= 1.1.10)

GEM
  remote: https://rubygems.org/
  specs:
    activesupport (6.0.3.2)
      concurrent-ruby (~> 1.0, >= 1.0.2)
      i18n (>= 0.7, < 2)
      minitest (~> 5.1)
      tzinfo (~> 1.1)
      zeitwerk (~> 2.2, >= 2.2.2)
    addressable (2.7.0)
      public_suffix (>= 2.0.2, < 5.0)
    concurrent-ruby (1.1.6)
    faraday (1.0.1)
      multipart-post (>= 1.2, < 3)
    i18n (1.8.3)
      concurrent-ruby (~> 1.0)
    log4r (1.1.10)
    minitest (5.14.1)
    multipart-post (2.1.1)
    public_suffix (4.0.5)
    rake (12.3.3)
    thread_safe (0.3.6)
    tzinfo (1.2.7)
      thread_safe (~> 0.1)
    zeitwerk (2.3.1)

PLATFORMS
  ruby

DEPENDENCIES
  minitest (~> 5.0)
  moysklad_integration!
  rake (~> 12.0)

BUNDLED WITH
   2.1.4
